GEM
  remote: https://rubygems.org/
  specs:
    jekyll-paginate (1.1.0)
    jekyll-paginate-category (0.1.2)
    kramdown (1.13.2)

PLATFORMS
  ruby

DEPENDENCIES
  jekyll-paginate
  jekyll-paginate-category
  kramdown

BUNDLED WITH
   1.15.0
